PATH
  remote: .
  specs:
    mint_http (0.1.5)
      base64
      json
      net-http
      openssl
      uri

GEM
  remote: https://rubygems.org/
  specs:
    base64 (0.1.1)
    ipaddr (1.2.5)
    json (2.6.3)
    minitest (5.18.0)
    net-http (0.3.2)
      uri
    openssl (2.2.3)
      ipaddr
    rake (13.0.6)
    uri (0.12.2)

PLATFORMS
  arm64-darwin-22

DEPENDENCIES
  minitest (~> 5.0)
  mint_http!
  rake (~> 13.0)

BUNDLED WITH
   2.2.33
